GIT
  remote: git://github.com/alno/irwi.git
  revision: 2abd0f2b034c8137c829775f270106429be1d252
  specs:
    irwi (0.5.0)
      actionpack (>= 4.0)
      activerecord (>= 4.0)
      activesupport (>= 4.0)
      diff-lcs (>= 1.1.2)
      rails_autolink (>= 1.0)

GIT
  remote: git://github.com/dierbro/survey.git
  revision: 285d2427df98d6141f23c0520ee18e8525bbae1b
  specs:
    survey (0.1)
      rails (>= 3.2.6, < 5.1)
      railties (>= 3.2.6, < 5.1)

GIT
  remote: git://github.com/jcarbo/omniauth-office365.git
  revision: 56d257358c37b652f84dff91b64b8881a0474100
  specs:
    omniauth-office365 (1.0.0)
      omniauth-oauth2 (~> 1.3.1)

GEM
  remote: https://rubygems.org/
  specs:
    actioncable (5.0.0.1)
      actionpack (= 5.0.0.1)
      nio4r (~> 1.2)
      websocket-driver (~> 0.6.1)
    actionmailer (5.0.0.1)
      actionpack (= 5.0.0.1)
      actionview (= 5.0.0.1)
      activejob (= 5.0.0.1)
      mail (~> 2.5, >= 2.5.4)
      rails-dom-testing (~> 2.0)
    actionpack (5.0.0.1)
      actionview (= 5.0.0.1)
      activesupport (= 5.0.0.1)
      rack (~> 2.0)
      rack-test (~> 0.6.3)
      rails-dom-testing (~> 2.0)
      rails-html-sanitizer (~> 1.0, >= 1.0.2)
    actionview (5.0.0.1)
      activesupport (= 5.0.0.1)
      builder (~> 3.1)
      erubis (~> 2.7.0)
      rails-dom-testing (~> 2.0)
      rails-html-sanitizer (~> 1.0, >= 1.0.2)
    active_record_union (1.2.0)
      activerecord (>= 4.0)
    activejob (5.0.0.1)
      activesupport (= 5.0.0.1)
      globalid (>= 0.3.6)
    activemodel (5.0.0.1)
      activesupport (= 5.0.0.1)
    activerecord (5.0.0.1)
      activemodel (= 5.0.0.1)
      activesupport (= 5.0.0.1)
      arel (~> 7.0)
    activesupport (5.0.0.1)
      concurrent-ruby (~> 1.0, >= 1.0.2)
      i18n (~> 0.7)
      minitest (~> 5.1)
      tzinfo (~> 1.1)
    addressable (2.5.0)
      public_suffix (~> 2.0, >= 2.0.2)
    ajax-datatables-rails (0.3.1)
      railties (>= 3.1)
    arel (7.1.4)
    autoprefixer-rails (6.5.3)
      execjs
    autosize-rails (1.18.17)
      rails (>= 3.1)
    awesome_print (1.7.0)
    babel-source (5.8.35)
    babel-transpiler (0.7.0)
      babel-source (>= 4.0, < 6)
      execjs (~> 2.0)
    bcrypt (3.1.11)
    better_errors (2.1.1)
      coderay (>= 1.0.0)
      erubis (>= 2.6.6)
      rack (>= 0.9.0)
    binding_of_caller (0.7.2)
      debug_inspector (>= 0.0.1)
    bluecloth (2.2.0)
    bootstrap3-datetimepicker-rails (4.17.43)
      momentjs-rails (>= 2.8.1)
    breadcrumbs_on_rails (3.0.1)
    builder (3.2.2)
    bullet (5.4.2)
      activesupport (>= 3.0.0)
      uniform_notifier (~> 1.10.0)
    byebug (9.0.6)
    carrierwave (0.11.2)
      activemodel (>= 3.2.0)
      activesupport (>= 3.2.0)
      json (>= 1.7)
      mime-types (>= 1.16)
      mimemagic (>= 0.3.0)
    ckeditor_rails (4.5.10)
      railties (>= 3.0)
    cocoon (1.2.9)
    coderay (1.1.1)
    coffee-rails (4.2.1)
      coffee-script (>= 2.2.0)
      railties (>= 4.0.0, < 5.2.x)
    coffee-script (2.4.1)
      coffee-script-source
      execjs
    coffee-script-source (1.10.0)
    concurrent-ruby (1.0.2)
    crass (1.0.2)
    db_text_search (0.2.0)
      activerecord (>= 4.1.15, < 6.0)
    debug_inspector (0.0.2)
    devise (4.2.0)
      bcrypt (~> 3.0)
      orm_adapter (~> 0.1)
      railties (>= 4.1.0, < 5.1)
      responders
      warden (~> 1.2.3)
    devise_ldap_authenticatable (0.8.5)
      devise (>= 3.4.1)
      net-ldap (>= 0.6.0, <= 0.11)
    diff-lcs (1.2.5)
    erubis (2.7.0)
    escape (0.0.4)
    execjs (2.7.0)
    factory_girl (4.7.0)
      activesupport (>= 3.0.0)
    factory_girl_rails (4.7.0)
      factory_girl (~> 4.7.0)
      railties (>= 3.0.0)
    faker (1.6.6)
      i18n (~> 0.5)
    faraday (0.9.2)
      multipart-post (>= 1.2, < 3)
    ffi (1.9.14)
    figaro (1.1.1)
      thor (~> 0.14)
    friendly_id (5.1.0)
      activerecord (>= 4.0.0)
    gemoji (2.1.0)
    globalid (0.3.7)
      activesupport (>= 4.1.0)
    hashie (3.4.6)
    html-pipeline (2.4.2)
      activesupport (>= 2)
      nokogiri (>= 1.4)
    html-pipeline-vimeo (0.1.1)
      html-pipeline (~> 2.0)
    html-pipeline-youtube (0.1.3)
      html-pipeline (~> 2.0)
    htmlentities (4.3.4)
    i18n (0.7.0)
    inline_svg (0.11.0)
      activesupport (>= 4.0)
      loofah (>= 2.0)
      nokogiri (~> 1.6)
    jbuilder (2.6.0)
      activesupport (>= 3.0.0, < 5.1)
      multi_json (~> 1.2)
    jquery-datatables-rails (3.4.0)
      actionpack (>= 3.1)
      jquery-rails
      railties (>= 3.1)
      sass-rails
    jquery-fileupload-rails (0.4.7)
      actionpack (>= 3.1)
      railties (>= 3.1)
      sass (>= 3.2)
    jquery-rails (4.2.1)
      rails-dom-testing (>= 1, < 3)
      railties (>= 4.2.0)
      thor (>= 0.14, < 2.0)
    json (1.8.3)
    jwt (1.5.6)
    kaminari (0.17.0)
      actionpack (>= 3.0.0)
      activesupport (>= 3.0.0)
    kramdown (1.12.0)
    launchy (2.4.3)
      addressable (~> 2.3)
    letter_opener (1.4.1)
      launchy (~> 2.2)
    libv8 (3.16.14.15)
    listen (3.0.8)
      rb-fsevent (~> 0.9, >= 0.9.4)
      rb-inotify (~> 0.9, >= 0.9.7)
    loofah (2.0.3)
      nokogiri (>= 1.5.9)
    mail (2.6.4)
      mime-types (>= 1.16, < 4)
    method_source (0.8.2)
    mime-types (3.1)
      mime-types-data (~> 3.2015)
    mime-types-data (3.2016.0521)
    mimemagic (0.3.2)
    mini_magick (4.5.1)
    mini_portile2 (2.1.0)
    minitest (5.9.1)
    momentjs-rails (2.17.1)
      railties (>= 3.1)
    multi_json (1.12.1)
    multi_xml (0.5.5)
    multipart-post (2.0.0)
    mysql2 (0.3.21)
    net-ldap (0.11)
    nio4r (1.2.1)
    nokogiri (1.6.8.1)
      mini_portile2 (~> 2.1.0)
    nokogumbo (1.4.10)
      nokogiri
    oauth (0.5.1)
    oauth2 (1.2.0)
      faraday (>= 0.8, < 0.10)
      jwt (~> 1.0)
      multi_json (~> 1.3)
      multi_xml (~> 0.5)
      rack (>= 1.2, < 3)
    omniauth (1.3.1)
      hashie (>= 1.2, < 4)
      rack (>= 1.0, < 3)
    omniauth-facebook (4.0.0)
      omniauth-oauth2 (~> 1.2)
    omniauth-github (1.1.2)
      omniauth (~> 1.0)
      omniauth-oauth2 (~> 1.1)
    omniauth-google-oauth2 (0.4.1)
      jwt (~> 1.5.2)
      multi_json (~> 1.3)
      omniauth (>= 1.1.1)
      omniauth-oauth2 (>= 1.3.1)
    omniauth-oauth (1.1.0)
      oauth
      omniauth (~> 1.0)
    omniauth-oauth2 (1.3.1)
      oauth2 (~> 1.0)
      omniauth (~> 1.2)
    omniauth-twitter (1.2.1)
      json (~> 1.3)
      omniauth-oauth (~> 1.1)
    orm_adapter (0.5.0)
    paranoia (2.2.0)
      activerecord (>= 4.0, < 5.1)
    pdf-core (0.6.1)
    postmark (1.10.0)
      json
      rake
    postmark-rails (0.15.0)
      actionmailer (>= 3.0.0)
      postmark (~> 1.10.0)
    pr_geohash (1.0.0)
    prawn (2.1.0)
      pdf-core (~> 0.6.1)
      ttfunk (~> 1.4.0)
    prawn-rails (0.1.1)
      prawn
      prawn-table
      rails (>= 3.1.0)
    prawn-table (0.2.2)
      prawn (>= 1.3.0, < 3.0.0)
    public_suffix (2.0.4)
    puma (3.6.0)
    pundit (1.1.0)
      activesupport (>= 3.0.0)
    rack (2.0.1)
    rack-test (0.6.3)
      rack (>= 1.0)
    rails (5.0.0.1)
      actioncable (= 5.0.0.1)
      actionmailer (= 5.0.0.1)
      actionpack (= 5.0.0.1)
      actionview (= 5.0.0.1)
      activejob (= 5.0.0.1)
      activemodel (= 5.0.0.1)
      activerecord (= 5.0.0.1)
      activesupport (= 5.0.0.1)
      bundler (>= 1.3.0, < 2.0)
      railties (= 5.0.0.1)
      sprockets-rails (>= 2.0.0)
    rails-controller-testing (1.0.1)
      actionpack (~> 5.x)
      actionview (~> 5.x)
      activesupport (~> 5.x)
    rails-dom-testing (2.0.1)
      activesupport (>= 4.2.0, < 6.0)
      nokogiri (~> 1.6.0)
    rails-html-sanitizer (1.0.3)
      loofah (~> 2.0)
    rails-timeago (2.15.0)
      actionpack (>= 3.1)
      activesupport (>= 3.1)
    rails_autolink (1.1.6)
      rails (> 3.1)
    railties (5.0.0.1)
      actionpack (= 5.0.0.1)
      activesupport (= 5.0.0.1)
      method_source
      rake (>= 0.8.7)
      thor (>= 0.18.1, < 2.0)
    rake (11.3.0)
    rb-fsevent (0.9.8)
    rb-gravatar (1.0.5)
    rb-inotify (0.9.7)
      ffi (>= 0.5.0)
    recaptcha (3.4.0)
      json
    redis (3.3.0)
    ref (2.0.0)
    request_store (1.3.1)
    responders (2.3.0)
      railties (>= 4.2.0, < 5.1)
    rinku (2.0.2)
    rollbar (2.14.0)
      multi_json
    roo (2.7.1)
      nokogiri (~> 1)
      rubyzip (~> 1.1, < 2.0.0)
    rsolr (1.1.2)
      builder (>= 2.1.2)
    rspec (3.5.0)
      rspec-core (~> 3.5.0)
      rspec-expectations (~> 3.5.0)
      rspec-mocks (~> 3.5.0)
    rspec-core (3.5.4)
      rspec-support (~> 3.5.0)
    rspec-expectations (3.5.0)
      diff-lcs (>= 1.2.0, < 2.0)
      rspec-support (~> 3.5.0)
    rspec-mocks (3.5.0)
      diff-lcs (>= 1.2.0, < 2.0)
      rspec-support (~> 3.5.0)
    rspec-rails (3.5.2)
      actionpack (>= 3.0)
      activesupport (>= 3.0)
      railties (>= 3.0)
      rspec-core (~> 3.5.0)
      rspec-expectations (~> 3.5.0)
      rspec-mocks (~> 3.5.0)
      rspec-support (~> 3.5.0)
    rspec-support (3.5.0)
    rubyzip (1.2.1)
    sanitize (4.4.0)
      crass (~> 1.0.2)
      nokogiri (>= 1.4.4)
      nokogumbo (~> 1.4.1)
    sass (3.4.22)
    sass-rails (5.0.6)
      railties (>= 4.0.0, < 6)
      sass (~> 3.1)
      sprockets (>= 2.8, < 4.0)
      sprockets-rails (>= 2.0, < 4.0)
      tilt (>= 1.1, < 3)
    select2-rails (3.5.10)
      thor (~> 0.14)
    simple_form (3.3.1)
      actionpack (> 4, < 5.1)
      activemodel (> 4, < 5.1)
    spring (2.0.0)
      activesupport (>= 4.2)
    spring-watcher-listen (2.0.1)
      listen (>= 2.7, < 4.0)
      spring (>= 1.2, < 3.0)
    sprockets (3.7.0)
      concurrent-ruby (~> 1.0)
      rack (> 1, < 3)
    sprockets-es6 (0.9.2)
      babel-source (>= 5.8.11)
      babel-transpiler
      sprockets (>= 3.0.0)
    sprockets-rails (3.2.0)
      actionpack (>= 4.0)
      activesupport (>= 4.0)
      sprockets (>= 3.0.0)
    sunspot (2.2.7)
      pr_geohash (~> 1.0)
      rsolr (>= 1.1.1, < 3)
    sunspot_rails (2.2.7)
      nokogiri
      rails (>= 3)
      sunspot (= 2.2.7)
    sunspot_solr (2.2.7)
    textractor (0.2.0)
      escape (>= 0.0.4)
    therubyracer (0.12.2)
      libv8 (~> 3.16.14.0)
      ref
    thor (0.19.1)
    thread_safe (0.3.5)
    thredded (0.8.2)
      active_record_union (>= 1.2.0)
      autoprefixer-rails
      autosize-rails
      db_text_search (~> 0.2.0)
      friendly_id
      gemoji
      html-pipeline
      html-pipeline-vimeo
      html-pipeline-youtube
      htmlentities
      inline_svg
      jquery-rails (>= 4.2.1)
      kaminari
      kramdown
      nokogiri
      pundit (>= 1.1.0)
      rails (>= 4.2.0)
      rails-timeago
      rb-gravatar
      rinku
      sanitize
      sass (>= 3.4.21)
      select2-rails (~> 3.5)
      sprockets-es6
    tilt (2.0.5)
    toastr-rails (1.0.3)
      railties (>= 3.1.0)
    ttfunk (1.4.0)
    turbolinks (5.0.1)
      turbolinks-source (~> 5)
    turbolinks-source (5.0.0)
    tzinfo (1.2.2)
      thread_safe (~> 0.1)
    uglifier (3.0.3)
      execjs (>= 0.3.0, < 3)
    uniform_notifier (1.10.0)
    warden (1.2.6)
      rack (>= 1.0)
    web-console (3.4.0)
      actionview (>= 5.0)
      activemodel (>= 5.0)
      debug_inspector
      railties (>= 5.0)
    websocket-driver (0.6.4)
      websocket-extensions (>= 0.1.0)
    websocket-extensions (0.1.2)
    will_paginate (3.1.5)
    will_paginate-bootstrap (1.0.1)
      will_paginate (>= 3.0.3)

PLATFORMS
  ruby

DEPENDENCIES
  activerecord-jdbcmysql-adapter
  ajax-datatables-rails
  awesome_print
  better_errors
  binding_of_caller
  bluecloth
  bootstrap3-datetimepicker-rails (~> 4.17.43)
  breadcrumbs_on_rails
  bullet
  byebug
  carrierwave
  ckeditor_rails
  cocoon
  coffee-rails (~> 4.2)
  devise
  devise_ldap_authenticatable
  execjs
  factory_girl_rails
  faker
  figaro
  irwi!
  jbuilder (~> 2.5)
  jquery-datatables-rails
  jquery-fileupload-rails
  jquery-rails
  letter_opener
  listen (~> 3.0.5)
  mini_magick
  momentjs-rails (>= 2.9.0)
  mysql2 (~> 0.3.11)
  omniauth-facebook
  omniauth-github
  omniauth-google-oauth2
  omniauth-office365!
  omniauth-twitter
  paranoia (~> 2.2.0.pre)
  postmark-rails
  prawn-rails
  puma (~> 3.0)
  rails (~> 5.0.0, >= 5.0.0.1)
  rails-controller-testing
  recaptcha
  redis (~> 3.2)
  request_store
  rollbar
  roo
  rspec
  rspec-rails
  sass-rails (~> 5.0)
  simple_form
  spring
  spring-watcher-listen (~> 2.0.0)
  sunspot_rails
  sunspot_solr
  survey!
  textractor
  therubyracer
  thredded (~> 0.8.2)
  toastr-rails
  turbolinks (~> 5)
  tzinfo-data
  uglifier (>= 1.3.0)
  web-console
  will_paginate
  will_paginate-bootstrap

BUNDLED WITH
   1.13.6
